GEM
  remote: http://rubygems.org/
  specs:
    grack (0.0.2)
    newrelic_rpm (3.6.0.78)
    rack (1.5.2)

PLATFORMS
  ruby

DEPENDENCIES
  grack
  newrelic_rpm
  rack
