GEM
  remote: http://rubygems.org/
  specs:
    grack (0.0.2)
    rack (1.5.2)

PLATFORMS
  ruby

DEPENDENCIES
  grack
  rack
